GEM
  remote: https://rubygems.org/
  specs:
    dependor (1.0.1)
    dotenv (0.10.0)
    foreman (0.63.0)
      dotenv (>= 0.7)
      thor (>= 0.13.6)
    poseidon (0.0.4)
    thor (0.19.1)

PLATFORMS
  ruby

DEPENDENCIES
  dependor
  foreman
  poseidon (= 0.0.4)
